GIT
  remote: git://github.com/roman/rots.git
  revision: babb5559aae8914556da528147b6649b9c48f48c
  specs:
    rots (0.2.1)

PATH
  remote: .
  specs:
    rack-openid (1.3.1)
      rack (>= 1.1.0)
      ruby-openid (>= 2.1.8)

GEM
  remote: http://rubygems.org/
  specs:
    rack (1.3.5)
    ruby-openid (2.1.8)

PLATFORMS
  ruby

DEPENDENCIES
  rack-openid!
  rots!
